GEM
  remote: https://rubygems.org/
  specs:
    base64 (0.2.0)
    bcrypt (3.1.20)
    bigdecimal (3.1.8)
    cgi (0.4.1)
    dotenv (3.1.4)
    erb (4.0.4)
      cgi (>= 0.3.3)
    fileutils (1.7.2)
    json (2.7.2)
    mime-types (3.5.2)
      mime-types-data (~> 3.2015)
    mime-types-data (3.2024.0806)
    multi_json (1.15.0)
    mustermann (3.0.0)
      ruby2_keywords (~> 0.0.1)
    net-http (0.4.1)
      uri
    rack (3.0.11)
    rack-protection (4.0.0)
      base64 (>= 0.1.0)
      rack (>= 3.0.0, < 4)
    rack-session (2.0.0)
      rack (>= 3.0.0)
    rackup (2.1.0)
      rack (>= 3)
      webrick (~> 1.8)
    readingtime (0.4.0)
    redcarpet (3.6.0)
    rouge (4.3.0)
    ruby2_keywords (0.0.5)
    sequel (5.82.0)
      bigdecimal
    sinatra (4.0.0)
      mustermann (~> 3.0)
      rack (>= 3.0.0, < 4)
      rack-protection (= 4.0.0)
      rack-session (>= 2.0.0, < 3)
      tilt (~> 2.0)
    sinatra-contrib (4.0.0)
      multi_json (>= 0.0.2)
      mustermann (~> 3.0)
      rack-protection (= 4.0.0)
      sinatra (= 4.0.0)
      tilt (~> 2.0)
    sqlite3 (2.0.4-x64-mingw-ucrt)
    sqlite3 (2.0.4-x86_64-linux-gnu)
    tilt (2.3.0)
    uri (0.13.1)
    webrick (1.8.2)
    zip (2.0.2)

PLATFORMS
  x64-mingw-ucrt
  x86_64-linux

DEPENDENCIES
  bcrypt
  cgi
  dotenv
  erb
  fileutils
  json
  mime-types
  net-http
  rackup (~> 2.1)
  readingtime
  redcarpet
  rouge
  sequel
  sinatra
  sinatra-contrib
  sqlite3
  uri
  zip

BUNDLED WITH
   2.5.11
