GEM
  remote: https://rubygems.org/
  specs:
    base64 (0.2.0)
    bcrypt (3.1.20)
    bigdecimal (3.1.8)
    cgi (0.4.1)
    erb (4.0.4)
      cgi (>= 0.3.3)
    fileutils (1.7.2)
    mime-types (3.5.2)
      mime-types-data (~> 3.2015)
    mime-types-data (3.2024.0806)
    multi_json (1.15.0)
    mustermann (3.0.0)
      ruby2_keywords (~> 0.0.1)
    rack (3.0.11)
    rack-protection (4.0.0)
      base64 (>= 0.1.0)
      rack (>= 3.0.0, < 4)
    rack-session (2.0.0)
      rack (>= 3.0.0)
    readingtime (0.4.0)
    redcarpet (3.6.0)
    rouge (4.3.0)
    ruby2_keywords (0.0.5)
    sequel (5.82.0)
      bigdecimal
    sinatra (4.0.0)
      mustermann (~> 3.0)
      rack (>= 3.0.0, < 4)
      rack-protection (= 4.0.0)
      rack-session (>= 2.0.0, < 3)
      tilt (~> 2.0)
    sinatra-contrib (4.0.0)
      multi_json (>= 0.0.2)
      mustermann (~> 3.0)
      rack-protection (= 4.0.0)
      sinatra (= 4.0.0)
      tilt (~> 2.0)
    tilt (2.3.0)
    zip (2.0.2)

PLATFORMS
  x64-mingw-ucrt

DEPENDENCIES
  bcrypt
  cgi
  erb
  fileutils
  mime-types
  readingtime
  redcarpet
  rouge
  sequel
  sinatra
  sinatra-contrib
  zip

BUNDLED WITH
   2.5.11
