GEM
  remote: https://rubygems.org/
  specs:
    base64 (0.2.0)
    bcrypt (3.1.20)
    bigdecimal (3.1.8)
    json (2.7.2)
    mustermann (3.0.0)
      ruby2_keywords (~> 0.0.1)
    nio4r (2.7.3)
    puma (6.4.2)
      nio4r (~> 2.0)
    rack (3.0.11)
    rack-protection (4.0.0)
      base64 (>= 0.1.0)
      rack (>= 3.0.0, < 4)
    rack-session (2.0.0)
      rack (>= 3.0.0)
    redcarpet (3.6.0)
    rouge (4.3.0)
    ruby2_keywords (0.0.5)
    sequel (5.82.0)
      bigdecimal
    sinatra (4.0.0)
      mustermann (~> 3.0)
      rack (>= 3.0.0, < 4)
      rack-protection (= 4.0.0)
      rack-session (>= 2.0.0, < 3)
      tilt (~> 2.0)
    tilt (2.3.0)

PLATFORMS
  x64-mingw-ucrt

DEPENDENCIES
  bcrypt (~> 3.1)
  json
  puma
  redcarpet
  rouge
  sequel (~> 5.82)
  sinatra

BUNDLED WITH
   2.5.11
